GEM
  remote: https://rubygems.org/
  specs:
    bundle (0.0.1)
      bundler
    rake (12.3.1)
    rdiscount (2.2.0.1)
    texmath-ruby (0.0.2)

PLATFORMS
  x64-mingw32

DEPENDENCIES
  bundle
  rake
  rdiscount
  texmath-ruby

BUNDLED WITH
   1.16.2
