GEM
  remote: https://rubygems.org/
  specs:
    rake (12.3.1)
    rdiscount (2.2.0.1)
    rubyzip (1.2.1)
    texmath-ruby (0.0.2)

PLATFORMS
  x64-mingw32

DEPENDENCIES
  rake
  rdiscount
  rubyzip
  texmath-ruby

BUNDLED WITH
   1.16.2
